GIT
  remote: git@github.com:vitrue/accountable.git
  revision: 2a14fd7a1fb7a80114f27f292b2b88f9832e7808
  tag: 2.1.8
  specs:
    accountable (2.1.8)
      activesupport (>= 3.0.0)
      amqp
      json
      redis
      typhoeus (>= 0.3.3)

GEM
  remote: https://rubygems.org/
  specs:
    activesupport (4.2.3)
      i18n (~> 0.7)
      json (~> 1.7, >= 1.7.7)
      minitest (~> 5.1)
      thread_safe (~> 0.3, >= 0.3.4)
      tzinfo (~> 1.1)
    amq-protocol (2.0.1)
    amqp (1.6.0)
      amq-protocol (>= 2.0.1)
      eventmachine
    coderay (1.1.0)
    ethon (0.9.0)
      ffi (>= 1.3.0)
    eventmachine (1.2.0.1)
    ffi (1.9.10)
    i18n (0.7.0)
    json (1.8.3)
    method_source (0.8.2)
    minitest (5.8.2)
    pg (0.18.4)
    pry (0.10.1)
      coderay (~> 1.1.0)
      method_source (~> 0.8.1)
      slop (~> 3.4)
    redis (3.3.0)
    sequel (4.34.0)
    slop (3.6.0)
    thread_safe (0.3.5)
    typhoeus (1.0.2)
      ethon (>= 0.9.0)
    tzinfo (1.2.2)
      thread_safe (~> 0.1)

PLATFORMS
  ruby

DEPENDENCIES
  accountable!
  activesupport (= 4.2.3)
  pg
  pry
  sequel

BUNDLED WITH
   1.10.6
